GEM
  remote: https://rubygems.org/
  specs:
    alfred-workflow (1.2.6)
      logging (~> 1.8.0)
      plist (~> 3.1.0)
    little-plugger (1.1.3)
    logging (1.8.1)
      little-plugger (>= 1.1.3)
      multi_json (>= 1.3.6)
    multi_json (1.7.2)
    plist (3.1.0)

PLATFORMS
  ruby

DEPENDENCIES
  alfred-workflow (>= 1.1.1)
  logging
  plist
